GEM
  remote: https://rubygems.org/
  specs:
    base64 (0.2.0)
    mustermann (3.0.3)
      ruby2_keywords (~> 0.0.1)
    pg (1.5.9)
    rack (2.2.10)
    rack-protection (3.2.0)
      base64 (>= 0.1.0)
      rack (~> 2.2, >= 2.2.4)
    ruby2_keywords (0.0.5)
    sinatra (3.2.0)
      mustermann (~> 3.0)
      rack (~> 2.2, >= 2.2.4)
      rack-protection (= 3.2.0)
      tilt (~> 2.0)
    tilt (2.5.0)

PLATFORMS
  x86_64-linux

DEPENDENCIES
  pg (~> 1.4)
  sinatra (~> 3.0)

BUNDLED WITH
   2.6.2
